GIT
  remote: git://github.com/shoes/shoes4.git
  revision: 74d56816f343b27386c8c7d6f4ba374347d67b61
  specs:
    shoes (4.0.0.pre3)
      shoes-core (= 4.0.0.pre3)
      shoes-manual (~> 4.0.0, >= 4.0.0)
      shoes-swt (= 4.0.0.pre3)
    shoes-core (4.0.0.pre3)
    shoes-package (4.0.0.pre3)
      furoshiki (~> 0.3.0)
      shoes-core (= 4.0.0.pre3)
    shoes-swt (4.0.0.pre3)
      after_do (~> 0.3)
      shoes-core (= 4.0.0.pre3)
      shoes-package (= 4.0.0.pre3)
      swt (~> 4.4)

GEM
  remote: https://rubygems.org/
  specs:
    after_do (0.3.1)
    furoshiki (0.3.0)
      plist
      rubyzip (>= 1.0.0)
      warbler (~> 1.4.4)
    jruby-jars (1.7.19)
    jruby-rack (1.1.18)
    mini_portile (0.6.2)
    nokogiri (1.6.4.1)
      mini_portile (~> 0.6.0)
    nokogiri (1.6.4.1-java)
    plist (3.1.0)
    rake (10.4.2)
    rubyzip (1.1.7)
    shoes-highlighter (1.0.1)
    shoes-manual (4.0.0)
      nokogiri (~> 1.6.4.1, >= 1.6.4.1)
      shoes-highlighter (~> 1.0, >= 1.0.0)
    swt (4.4)
    warbler (1.4.5)
      jruby-jars (>= 1.5.6, < 2.0)
      jruby-rack (>= 1.1.1, < 1.3)
      rake (>= 0.9.6)
      rubyzip (>= 0.9, < 1.2)
    wingtips (0.2.0)
      shoes (~> 4.0.0.pre3)
      shoes-highlighter (~> 1.0.1)

PLATFORMS
  java
  ruby

DEPENDENCIES
  shoes!
  wingtips (~> 0.2)
