GIT
  remote: git://github.com/PragTob/wingtips.git
  revision: 53908f1561c46fbc05ddc50325f2863c1addbe67
  specs:
    wingtips (0.0.1)

GIT
  remote: git://github.com/shoes/shoes4.git
  revision: e0158b8fd6374af3e3294431121df0befd806f51
  specs:
    shoes (4.0.0.pre2)
      furoshiki (>= 0.1.2)
      nokogiri
      shoes-dsl (= 4.0.0.pre2)
      shoes-swt (= 4.0.0.pre2)
    shoes-dsl (4.0.0.pre2)
    shoes-swt (4.0.0.pre2)
      after_do (~> 0.3)
      furoshiki (~> 0.2.0)
      shoes-dsl (= 4.0.0.pre2)
      swt (~> 4.4)

GEM
  remote: https://rubygems.org/
  specs:
    after_do (0.3.1)
    furoshiki (0.2.0)
      plist
      rubyzip (>= 1.0.0)
      warbler (~> 1.4.4)
    jruby-jars (1.7.16.1)
    jruby-rack (1.1.16)
    nokogiri (1.6.4-java)
    plist (3.1.0)
    rake (10.3.2)
    rubyzip (1.1.6)
    swt (4.4)
    warbler (1.4.4)
      jruby-jars (>= 1.5.6, < 2.0)
      jruby-rack (>= 1.0.0)
      rake (>= 0.9.6)
      rubyzip (>= 0.9, < 1.2)

PLATFORMS
  java

DEPENDENCIES
  shoes!
  wingtips!
